GEM
  remote: https://rubygems.org/
  specs:
    psych (2.0.6)
    puma (2.9.2)
      rack (>= 1.1, < 2.0)
    rack (1.5.2)

PLATFORMS
  ruby

DEPENDENCIES
  psych
  puma
  rack
